GIT
  remote: https://github.com/brigade/scss-lint
  revision: dc84c5d01a94c3eefe2045d07d20782478a14950
  ref: dc84c5d
  specs:
    scss_lint (0.38.0)
      rainbow (~> 2.0)
      sass (~> 3.4.1)

GEM
  remote: https://rubygems.org/
  specs:
    rainbow (2.0.0)
    sass (3.4.13)
    scss_lint_reporter_checkstyle (0.1.0)

PLATFORMS
  ruby

DEPENDENCIES
  scss_lint!
  scss_lint_reporter_checkstyle
